GEM
  remote: https://rubygems.org/
  specs:
    coderay (1.1.3)
    honeybadger-api (2.1.0)
      json
    json (2.6.3)
    method_source (1.0.0)
    pry (0.14.2)
      coderay (~> 1.1)
      method_source (~> 1.0)

PLATFORMS
  ruby

DEPENDENCIES
  honeybadger-api
  pry

BUNDLED WITH
   2.4.17
